GEM
  remote: http://rubygems.org/
  specs:
    coffee-script (2.2.0)
      coffee-script-source
      execjs
    coffee-script-source (1.1.2)
    execjs (1.2.9)
      multi_json (~> 1.0)
    growl (1.0.3)
    guard (0.8.8)
      thor (~> 0.14.6)
    guard-jasmine-headless-webkit (0.3.0)
      guard (>= 0.4.0)
      jasmine-headless-webkit (>= 0.7.0)
    jasmine-core (1.2.0.rc1)
    jasmine-headless-webkit (0.7.2)
      coffee-script (>= 2.2)
      jasmine-core (~> 1.1.beta)
      multi_json
      rainbow
    multi_json (1.0.3)
    rainbow (1.1.1)
    rb-fsevent (0.4.3.1)
    thor (0.14.6)

PLATFORMS
  ruby

DEPENDENCIES
  growl
  guard
  guard-jasmine-headless-webkit
  jasmine-headless-webkit
  rb-fsevent
